GEM
  remote: https://rubygems.org/
  specs:
    rack (2.2.6.4)
    rouge (3.14.0)

PLATFORMS
  ruby

DEPENDENCIES
  rack
  rouge

BUNDLED WITH
   2.0.2
